GEM
  remote: https://rubygems.org/
  specs:
    blankslate (3.1.3)
    expressir (0.2.25-x86_64-darwin)
      nokogiri (~> 1.10)
      thor (~> 1.0)
    hashie (4.1.0)
    lutaml (0.5.2)
      lutaml-express (~> 0.1.3)
      lutaml-uml (~> 0.2.5)
      thor (~> 1.0)
    lutaml-express (0.1.4)
      expressir (~> 0.2.1)
    lutaml-uml (0.2.12)
      hashie (~> 4.1.0)
      parslet (~> 1.7.1)
      ruby-graphviz (~> 1.2)
      thor (~> 1.0)
    nokogiri (1.11.2-x86_64-darwin)
      racc (~> 1.4)
    parslet (1.7.1)
      blankslate (>= 2.0, <= 4.0)
    racc (1.5.2)
    rexml (3.2.4)
    ruby-graphviz (1.2.5)
      rexml
    thor (1.1.0)

PLATFORMS
  x86_64-darwin-19

DEPENDENCIES
  lutaml
  lutaml-uml

BUNDLED WITH
   2.2.15
